GEM
  remote: https://rubygems.org/
  specs:
    concurrent-ruby (1.1.4)
    ebnf (1.1.3)
      rdf (~> 3.0)
      sxp (~> 1.0)
    hamster (3.0.0)
      concurrent-ruby (~> 1.0)
    json-ld (3.0.2)
      multi_json (~> 1.12)
      rdf (>= 2.2.8, < 4.0)
    link_header (0.0.8)
    multi_json (1.13.1)
    rdf (3.0.10)
      hamster (~> 3.0)
      link_header (~> 0.0, >= 0.0.8)
    rdf-turtle (3.0.5)
      ebnf (~> 1.1)
      rdf (~> 3.0)
    sxp (1.0.1)
      rdf (>= 2.2, < 4.0)
    thor (1.0.1)

PLATFORMS
  ruby

DEPENDENCIES
  json-ld
  rdf-turtle
  thor

BUNDLED WITH
   1.17.2
