GEM
  remote: https://rubygems.org/
  specs:
    concurrent-ruby (1.1.6)
    ebnf (1.2.0)
      rdf (~> 3.1)
      sxp (~> 1.1)
    hamster (3.0.0)
      concurrent-ruby (~> 1.0)
    htmlentities (4.3.4)
    json-canonicalization (0.2.0)
    json-ld (3.1.4)
      htmlentities (~> 4.3)
      json-canonicalization (~> 0.2)
      link_header (~> 0.0, >= 0.0.8)
      multi_json (~> 1.14)
      rack (~> 2.0)
      rdf (~> 3.1)
    link_header (0.0.8)
    mini_portile2 (2.4.0)
    multi_json (1.14.1)
    nokogiri (1.10.9)
      mini_portile2 (~> 2.4.0)
    rack (2.2.3)
    rdf (3.1.2)
      hamster (~> 3.0)
      link_header (~> 0.0, >= 0.0.8)
    rdf-turtle (3.1.1)
      ebnf (~> 1.2)
      rdf (~> 3.1, >= 3.1.2)
    sxp (1.1.0)
      rdf (~> 3.1)
    thor (1.0.1)

PLATFORMS
  ruby

DEPENDENCIES
  json-ld
  nokogiri
  rdf-turtle
  thor

BUNDLED WITH
   2.1.4
